NUGET
  remote: https://www.nuget.org/api/v2
    canopy (0.9.57)
      FSharp.Core (>= 3.0.2)
      Selenium.WebDriver (2.53.1)
    FSharp.Core (4.0.0.1)
    FSharp.Data (2.3.1)
      Zlib.Portable (>= 1.11) - framework: portable-net45+sl5+win8, portable-net45+win8, portable-net45+win8+wp8+wpa81
    Selenium.WebDriver (2.53.1)
    Zlib.Portable (1.11) - framework: portable-net45+sl5+win8, portable-net45+win8, portable-net45+win8+wp8+wpa81
